PATH
  remote: .
  specs:
    fabric-gateway (0.0.1)
      google-protobuf (>= 3.19.1)
      grpc (~> 1.42)

GEM
  remote: https://rubygems.org/
  specs:
    diff-lcs (1.4.4)
    google-protobuf (3.19.1)
    googleapis-common-protos-types (1.3.0)
      google-protobuf (~> 3.14)
    grpc (1.42.0)
      google-protobuf (~> 3.18)
      googleapis-common-protos-types (~> 1.0)
    rake (12.3.2)
    rspec (3.10.0)
      rspec-core (~> 3.10.0)
      rspec-expectations (~> 3.10.0)
      rspec-mocks (~> 3.10.0)
    rspec-core (3.10.1)
      rspec-support (~> 3.10.0)
    rspec-expectations (3.10.1)
      diff-lcs (>= 1.2.0, < 2.0)
      rspec-support (~> 3.10.0)
    rspec-mocks (3.10.2)
      diff-lcs (>= 1.2.0, < 2.0)
      rspec-support (~> 3.10.0)
    rspec-support (3.10.3)

PLATFORMS
  ruby

DEPENDENCIES
  fabric-gateway!
  rake (~> 12.0)
  rspec (~> 3.0)

BUNDLED WITH
   2.1.4
